GEM
  remote: https://rubygems.org/
  specs:
    activesupport (7.0.2.3)
      concurrent-ruby (~> 1.0, >= 1.0.2)
      i18n (>= 1.6, < 2)
      minitest (>= 5.1)
      tzinfo (~> 2.0)
    addressable (2.8.0)
      public_suffix (>= 2.0.2, < 5.0)
    ast (2.4.2)
    aws-eventstream (1.2.0)
    aws-partitions (1.578.0)
    aws-sdk-codecommit (1.51.0)
      aws-sdk-core (~> 3, >= 3.127.0)
      aws-sigv4 (~> 1.1)
    aws-sdk-core (3.130.1)
      aws-eventstream (~> 1, >= 1.0.2)
      aws-partitions (~> 1, >= 1.525.0)
      aws-sigv4 (~> 1.1)
      jmespath (~> 1.0)
    aws-sdk-ecr (1.56.0)
      aws-sdk-core (~> 3, >= 3.127.0)
      aws-sigv4 (~> 1.1)
    aws-sigv4 (1.4.0)
      aws-eventstream (~> 1, >= 1.0.2)
    citrus (3.0.2)
    commonmarker (0.23.4)
    concurrent-ruby (1.1.10)
    dependabot-bundler (0.181.0)
      dependabot-common (= 0.181.0)
    dependabot-cargo (0.181.0)
      dependabot-common (= 0.181.0)
    dependabot-common (0.181.0)
      activesupport (>= 6.0.0)
      aws-sdk-codecommit (~> 1.28)
      aws-sdk-ecr (~> 1.5)
      bundler (>= 1.16, < 3.0.0)
      commonmarker (>= 0.20.1, < 0.24.0)
      docker_registry2 (~> 1.7, >= 1.7.1)
      excon (~> 0.75)
      faraday (= 1.10.0)
      gitlab (= 4.18.0)
      nokogiri (~> 1.8)
      octokit (~> 4.6)
      parser (>= 2.5, < 4.0)
      toml-rb (>= 1.1.2, < 3.0)
    dependabot-composer (0.181.0)
      dependabot-common (= 0.181.0)
    dependabot-docker (0.181.0)
      dependabot-common (= 0.181.0)
    dependabot-elm (0.181.0)
      dependabot-common (= 0.181.0)
    dependabot-git_submodules (0.181.0)
      dependabot-common (= 0.181.0)
      parseconfig (~> 1.0, < 1.1.0)
    dependabot-github_actions (0.181.0)
      dependabot-common (= 0.181.0)
    dependabot-go_modules (0.181.0)
      dependabot-common (= 0.181.0)
    dependabot-gradle (0.181.0)
      dependabot-common (= 0.181.0)
      dependabot-maven (= 0.181.0)
    dependabot-hex (0.181.0)
      dependabot-common (= 0.181.0)
    dependabot-maven (0.181.0)
      dependabot-common (= 0.181.0)
    dependabot-npm_and_yarn (0.181.0)
      dependabot-common (= 0.181.0)
    dependabot-nuget (0.181.0)
      dependabot-common (= 0.181.0)
    dependabot-omnibus (0.181.0)
      dependabot-bundler (= 0.181.0)
      dependabot-cargo (= 0.181.0)
      dependabot-common (= 0.181.0)
      dependabot-composer (= 0.181.0)
      dependabot-docker (= 0.181.0)
      dependabot-elm (= 0.181.0)
      dependabot-git_submodules (= 0.181.0)
      dependabot-github_actions (= 0.181.0)
      dependabot-go_modules (= 0.181.0)
      dependabot-gradle (= 0.181.0)
      dependabot-hex (= 0.181.0)
      dependabot-maven (= 0.181.0)
      dependabot-npm_and_yarn (= 0.181.0)
      dependabot-nuget (= 0.181.0)
      dependabot-pub (= 0.181.0)
      dependabot-python (= 0.181.0)
      dependabot-terraform (= 0.181.0)
    dependabot-pub (0.181.0)
      dependabot-common (= 0.181.0)
    dependabot-python (0.181.0)
      dependabot-common (= 0.181.0)
    dependabot-terraform (0.181.0)
      dependabot-common (= 0.181.0)
    docker_registry2 (1.10.0)
      rest-client (>= 1.8.0)
    domain_name (0.5.20190701)
      unf (>= 0.0.5, < 1.0.0)
    excon (0.92.2)
    faraday (1.10.0)
      faraday-em_http (~> 1.0)
      faraday-em_synchrony (~> 1.0)
      faraday-excon (~> 1.1)
      faraday-httpclient (~> 1.0)
      faraday-multipart (~> 1.0)
      faraday-net_http (~> 1.0)
      faraday-net_http_persistent (~> 1.0)
      faraday-patron (~> 1.0)
      faraday-rack (~> 1.0)
      faraday-retry (~> 1.0)
      ruby2_keywords (>= 0.0.4)
    faraday-em_http (1.0.0)
    faraday-em_synchrony (1.0.0)
    faraday-excon (1.1.0)
    faraday-httpclient (1.0.1)
    faraday-multipart (1.0.3)
      multipart-post (>= 1.2, < 3)
    faraday-net_http (1.0.1)
    faraday-net_http_persistent (1.2.0)
    faraday-patron (1.0.0)
    faraday-rack (1.0.0)
    faraday-retry (1.0.3)
    gitlab (4.18.0)
      httparty (~> 0.18)
      terminal-table (>= 1.5.1)
    http-accept (1.7.0)
    http-cookie (1.0.4)
      domain_name (~> 0.5)
    httparty (0.20.0)
      mime-types (~> 3.0)
      multi_xml (>= 0.5.2)
    i18n (1.10.0)
      concurrent-ruby (~> 1.0)
    jmespath (1.6.1)
    mime-types (3.4.1)
      mime-types-data (~> 3.2015)
    mime-types-data (3.2022.0105)
    minitest (5.15.0)
    multi_xml (0.6.0)
    multipart-post (2.1.1)
    netrc (0.11.0)
    nokogiri (1.13.4-x86_64-linux)
      racc (~> 1.4)
    octokit (4.22.0)
      faraday (>= 0.9)
      sawyer (~> 0.8.0, >= 0.5.3)
    parseconfig (1.0.8)
    parser (3.1.2.0)
      ast (~> 2.4.1)
    public_suffix (4.0.7)
    racc (1.6.0)
    rest-client (2.1.0)
      http-accept (>= 1.7.0, < 2.0)
      http-cookie (>= 1.0.2, < 2.0)
      mime-types (>= 1.16, < 4.0)
      netrc (~> 0.8)
    ruby2_keywords (0.0.5)
    sawyer (0.8.2)
      addressable (>= 2.3.5)
      faraday (> 0.8, < 2.0)
    terminal-table (3.0.2)
      unicode-display_width (>= 1.1.1, < 3)
    toml-rb (2.1.2)
      citrus (~> 3.0, > 3.0)
    tzinfo (2.0.4)
      concurrent-ruby (~> 1.0)
    unf (0.1.4)
      unf_ext
    unf_ext (0.0.8.1)
    unicode-display_width (2.1.0)

PLATFORMS
  x86_64-linux

DEPENDENCIES
  dependabot-omnibus (~> 0.181.0)

RUBY VERSION
   ruby 2.7.5p203

BUNDLED WITH
   2.2.20
