GEM
  remote: https://rubygems.org/
  specs:
    addressable (2.7.0)
      public_suffix (>= 2.0.2, < 5.0)
    ast (2.4.1)
    aws-eventstream (1.1.0)
    aws-partitions (1.383.0)
    aws-sdk-codecommit (1.40.0)
      aws-sdk-core (~> 3, >= 3.109.0)
      aws-sigv4 (~> 1.1)
    aws-sdk-core (3.109.1)
      aws-eventstream (~> 1, >= 1.0.2)
      aws-partitions (~> 1, >= 1.239.0)
      aws-sigv4 (~> 1.1)
      jmespath (~> 1.0)
    aws-sdk-ecr (1.39.0)
      aws-sdk-core (~> 3, >= 3.109.0)
      aws-sigv4 (~> 1.1)
    aws-sigv4 (1.2.2)
      aws-eventstream (~> 1, >= 1.0.2)
    citrus (3.0.2)
    commonmarker (0.21.0)
      ruby-enum (~> 0.5)
    concurrent-ruby (1.1.7)
    dependabot-bundler (0.123.1)
      dependabot-common (= 0.123.1)
    dependabot-cargo (0.123.1)
      dependabot-common (= 0.123.1)
    dependabot-common (0.123.1)
      aws-sdk-codecommit (~> 1.28)
      aws-sdk-ecr (~> 1.5)
      bundler (>= 1.16, < 3.0.0)
      commonmarker (>= 0.20.1, < 0.22.0)
      docker_registry2 (~> 1.7, >= 1.7.1)
      excon (~> 0.75)
      gitlab (= 4.16.1)
      nokogiri (~> 1.8)
      octokit (~> 4.6)
      pandoc-ruby (~> 2.0)
      parseconfig (~> 1.0)
      parser (~> 2.5)
      toml-rb (>= 1.1.2, < 3.0)
    dependabot-composer (0.123.1)
      dependabot-common (= 0.123.1)
    dependabot-dep (0.123.1)
      dependabot-common (= 0.123.1)
    dependabot-docker (0.123.1)
      dependabot-common (= 0.123.1)
    dependabot-elm (0.123.1)
      dependabot-common (= 0.123.1)
    dependabot-git_submodules (0.123.1)
      dependabot-common (= 0.123.1)
    dependabot-github_actions (0.123.1)
      dependabot-common (= 0.123.1)
    dependabot-go_modules (0.123.1)
      dependabot-common (= 0.123.1)
    dependabot-gradle (0.123.1)
      dependabot-common (= 0.123.1)
    dependabot-hex (0.123.1)
      dependabot-common (= 0.123.1)
    dependabot-maven (0.123.1)
      dependabot-common (= 0.123.1)
    dependabot-npm_and_yarn (0.123.1)
      dependabot-common (= 0.123.1)
    dependabot-nuget (0.123.1)
      dependabot-common (= 0.123.1)
    dependabot-omnibus (0.123.1)
      dependabot-bundler (= 0.123.1)
      dependabot-cargo (= 0.123.1)
      dependabot-common (= 0.123.1)
      dependabot-composer (= 0.123.1)
      dependabot-dep (= 0.123.1)
      dependabot-docker (= 0.123.1)
      dependabot-elm (= 0.123.1)
      dependabot-git_submodules (= 0.123.1)
      dependabot-github_actions (= 0.123.1)
      dependabot-go_modules (= 0.123.1)
      dependabot-gradle (= 0.123.1)
      dependabot-hex (= 0.123.1)
      dependabot-maven (= 0.123.1)
      dependabot-npm_and_yarn (= 0.123.1)
      dependabot-nuget (= 0.123.1)
      dependabot-python (= 0.123.1)
      dependabot-terraform (= 0.123.1)
    dependabot-python (0.123.1)
      dependabot-common (= 0.123.1)
    dependabot-terraform (0.123.1)
      dependabot-common (= 0.123.1)
    docker_registry2 (1.9.0)
      rest-client (>= 1.8.0)
    domain_name (0.5.20190701)
      unf (>= 0.0.5, < 1.0.0)
    excon (0.78.0)
    faraday (1.1.0)
      multipart-post (>= 1.2, < 3)
      ruby2_keywords
    gitlab (4.16.1)
      httparty (~> 0.14, >= 0.14.0)
      terminal-table (~> 1.5, >= 1.5.1)
    http-accept (1.7.0)
    http-cookie (1.0.3)
      domain_name (~> 0.5)
    httparty (0.18.1)
      mime-types (~> 3.0)
      multi_xml (>= 0.5.2)
    i18n (1.8.5)
      concurrent-ruby (~> 1.0)
    jmespath (1.4.0)
    mime-types (3.3.1)
      mime-types-data (~> 3.2015)
    mime-types-data (3.2020.0512)
    mini_portile2 (2.4.0)
    multi_xml (0.6.0)
    multipart-post (2.1.1)
    netrc (0.11.0)
    nokogiri (1.10.10)
      mini_portile2 (~> 2.4.0)
    octokit (4.18.0)
      faraday (>= 0.9)
      sawyer (~> 0.8.0, >= 0.5.3)
    pandoc-ruby (2.1.4)
    parseconfig (1.0.8)
    parser (2.7.2.0)
      ast (~> 2.4.1)
    public_suffix (4.0.6)
    rest-client (2.1.0)
      http-accept (>= 1.7.0, < 2.0)
      http-cookie (>= 1.0.2, < 2.0)
      mime-types (>= 1.16, < 4.0)
      netrc (~> 0.8)
    ruby-enum (0.8.0)
      i18n
    ruby2_keywords (0.0.2)
    sawyer (0.8.2)
      addressable (>= 2.3.5)
      faraday (> 0.8, < 2.0)
    terminal-table (1.8.0)
      unicode-display_width (~> 1.1, >= 1.1.1)
    toml-rb (2.0.1)
      citrus (~> 3.0, > 3.0)
    unf (0.1.4)
      unf_ext
    unf_ext (0.0.7.7)
    unicode-display_width (1.7.0)

PLATFORMS
  ruby

DEPENDENCIES
  dependabot-omnibus (~> 0.123.1)

RUBY VERSION
   ruby 2.6.6p146

BUNDLED WITH
   1.17.3
